PATH
  remote: .
  specs:
    visma (0.5.86)

GEM
  remote: https://rubygems.org/
  specs:

PLATFORMS
  ruby

DEPENDENCIES
  visma!
